GEM
  remote: https://rubygems.org/
  specs:
    aerospike (2.6.0)
      bcrypt (~> 3.1)
      msgpack (~> 1.0)
    bcrypt (3.1.11)
    benchmark-ips (2.7.2)
    msgpack (1.2.4)
    rake (12.3.1)
    rake-compiler (1.0.4)
      rake

PLATFORMS
  ruby

DEPENDENCIES
  aerospike
  benchmark-ips
  rake
  rake-compiler

BUNDLED WITH
   1.16.1
